GEM
  remote: http://rubygems.org/
  specs:
    activesupport (3.0.9)
    columnize (0.3.4)
    git (1.2.5)
    i18n (0.6.0)
    jeweler (1.6.4)
      bundler (~> 1.0)
      git (>= 1.2.5)
      rake
    linecache (0.46)
      rbx-require-relative (> 0.0.4)
    nokogiri (1.5.0)
    rake (0.9.2)
    rbx-require-relative (0.0.5)
    rcov (0.9.10)
    ruby-debug (0.10.4)
      columnize (>= 0.1)
      ruby-debug-base (~> 0.10.4.0)
    ruby-debug-base (0.10.4)
      linecache (>= 0.3)
    shoulda (2.11.3)

PLATFORMS
  ruby

DEPENDENCIES
  activesupport (>= 3.0.9)
  bundler (~> 1.0.0)
  i18n
  jeweler (~> 1.6.4)
  nokogiri
  rcov
  ruby-debug
  shoulda
